GEM
  remote: https://rubygems.org/
  specs:
    mini_magick (4.12.0)

PLATFORMS
  ruby
  x86_64-linux

DEPENDENCIES
  mini_magick (~> 4.5, >= 4.5.1)

BUNDLED WITH
   2.5.9
